GEM
  remote: https://rubygems.org/
  specs:
    addressable (2.8.1)
      public_suffix (>= 2.0.2, < 6.0)
    connection_pool (2.3.0)
    crack (0.4.5)
      rexml
    diff-lcs (1.5.0)
    dotenv (2.8.1)
    faraday (2.7.4)
      faraday-net_http (>= 2.0, < 3.1)
      ruby2_keywords (>= 0.0.4)
    faraday-net_http (3.0.2)
    foreman (0.87.2)
    hashdiff (1.0.1)
    httparty (0.21.0)
      mini_mime (>= 1.0.0)
      multi_xml (>= 0.5.2)
    kramdown (2.4.0)
      rexml
    link_header (0.0.8)
    mini_mime (1.1.2)
    mini_portile2 (2.8.1)
    multi_xml (0.6.0)
    mustermann (3.0.0)
      ruby2_keywords (~> 0.0.1)
    nio4r (2.5.8)
    nokogiri (1.13.10)
      mini_portile2 (~> 2.8.0)
      racc (~> 1.4)
    public_suffix (5.0.1)
    puma (6.1.1)
      nio4r (~> 2.0)
    racc (1.6.2)
    rack (2.2.6.4)
    rack-contrib (2.3.0)
      rack (~> 2.0)
    rack-protection (3.0.5)
      rack
    rack-ssl (1.4.1)
      rack
    rack-test (2.1.0)
      rack (>= 1.3)
    redis (5.0.6)
      redis-client (>= 0.9.0)
    redis-client (0.14.0)
      connection_pool
    rexml (3.2.5)
    rspec (3.12.0)
      rspec-core (~> 3.12.0)
      rspec-expectations (~> 3.12.0)
      rspec-mocks (~> 3.12.0)
    rspec-core (3.12.1)
      rspec-support (~> 3.12.0)
    rspec-expectations (3.12.2)
      diff-lcs (>= 1.2.0, < 2.0)
      rspec-support (~> 3.12.0)
    rspec-mocks (3.12.4)
      diff-lcs (>= 1.2.0, < 2.0)
      rspec-support (~> 3.12.0)
    rspec-support (3.12.0)
    ruby2_keywords (0.0.5)
    sentry-raven (3.1.2)
      faraday (>= 1.0)
    shotgun (0.9.2)
      rack (>= 1.0)
    sinatra (3.0.5)
      mustermann (~> 3.0)
      rack (~> 2.2, >= 2.2.4)
      rack-protection (= 3.0.5)
      tilt (~> 2.0)
    tilt (2.1.0)
    webmock (3.18.1)
      addressable (>= 2.8.0)
      crack (>= 0.3.2)
      hashdiff (>= 0.4.0, < 2.0.0)

PLATFORMS
  ruby

DEPENDENCIES
  dotenv
  foreman
  httparty
  kramdown
  link_header
  nokogiri
  puma
  rack-contrib
  rack-ssl
  rack-test
  redis
  rspec
  sentry-raven
  shotgun
  sinatra
  webmock

RUBY VERSION
   ruby 2.6.8p205

BUNDLED WITH
   1.17.3
